GEM
  remote: https://rubygems.org/
  specs:
    etcd-env (0.0.4)

PLATFORMS
  ruby

DEPENDENCIES
  etcd-env (~> 0.0.4)
